GEM
  remote: http://rubygems.org/
  specs:
    chunky_png (0.10.5)
    closure-compiler (0.3.3)
    compass (0.11.alpha.4)
      chunky_png (~> 0.10.3)
      sass (>= 3.1.0.alpha.50)
    haml (3.1.0.alpha.144)
    html5-boilerplate (0.2.6)
      compass (>= 0.10.0)
    jammit (0.5.4)
      closure-compiler (>= 0.1.0)
      yui-compressor (>= 0.9.1)
    maruku (0.6.0)
      syntax (>= 1.0.0)
    rack (1.2.1)
    sass (3.1.0.alpha.200)
    staticmatic (0.11.0.alpha.10)
      compass (>= 0.10.0)
      haml (>= 2.0.0)
      rack (>= 1.0)
    syntax (1.0.0)
    yui-compressor (0.9.1)

PLATFORMS
  ruby

DEPENDENCIES
  compass (= 0.11.alpha.4)
  haml (= 3.1.0.alpha.144)
  html5-boilerplate (~> 0.2.6)
  jammit (~> 0.5.4)
  maruku (~> 0.6.0)
  staticmatic (= 0.11.0.alpha.10)
